NUGET
  remote: https://api.nuget.org/v3/index.json
    FSharp.Core (4.7.2)
GITHUB
  remote: fsprojects/FSharp.TypeProviders.SDK
    src/ProvidedTypes.fs (dc8c662ca2e7d8d11048968ca166df6dc2fd9482)
    src/ProvidedTypes.fsi (dc8c662ca2e7d8d11048968ca166df6dc2fd9482)
GROUP Test
NUGET
  remote: https://api.nuget.org/v3/index.json
    Microsoft.ApplicationInsights (2.23.0) - version_in_path: true, restriction: || (&& (>= net462) (>= netstandard2.0)) (>= netcoreapp3.1)
      System.Diagnostics.DiagnosticSource (>= 5.0) - restriction: || (&& (>= net452) (< netstandard2.0)) (&& (< net452) (>= netstandard2.0)) (>= net46)
    Microsoft.CodeCoverage (17.13) - restriction: || (>= net462) (>= netcoreapp3.1)
    Microsoft.NET.Test.Sdk (17.13)
      Microsoft.CodeCoverage (>= 17.13) - restriction: || (>= net462) (>= netcoreapp3.1)
      Microsoft.TestPlatform.TestHost (>= 17.13) - restriction: >= netcoreapp3.1
    Microsoft.NETCore.App (2.2.8)
      Microsoft.NETCore.DotNetHostPolicy (>= 2.2.8) - restriction: >= netcoreapp2.2
      Microsoft.NETCore.Platforms (>= 2.2.4) - restriction: >= netcoreapp2.2
      Microsoft.NETCore.Targets (>= 2.0) - restriction: >= netcoreapp2.2
      NETStandard.Library (>= 2.0.3) - restriction: >= netcoreapp2.2
    Microsoft.NETCore.DotNetAppHost (9.0.2) - restriction: >= netcoreapp2.2
    Microsoft.NETCore.DotNetHostPolicy (8.0.13) - restriction: >= netcoreapp2.2
      Microsoft.NETCore.DotNetHostResolver (>= 8.0.13)
    Microsoft.NETCore.DotNetHostResolver (8.0.13) - restriction: >= netcoreapp2.2
      Microsoft.NETCore.DotNetAppHost (>= 8.0.13)
    Microsoft.NETCore.Platforms (7.0.4) - restriction: >= netcoreapp2.2
    Microsoft.NETCore.Targets (5.0) - restriction: >= netcoreapp2.2
    Microsoft.Testing.Extensions.Telemetry (1.6.2) - version_in_path: true, restriction: || (&& (>= net462) (>= netstandard2.0)) (>= netcoreapp3.1)
      Microsoft.ApplicationInsights (>= 2.22) - restriction: >= netstandard2.0
      Microsoft.Testing.Platform (>= 1.6.2) - restriction: >= netstandard2.0
    Microsoft.Testing.Extensions.TrxReport.Abstractions (1.6.2) - version_in_path: true, restriction: || (&& (>= net462) (>= netstandard2.0)) (>= netcoreapp3.1)
      Microsoft.Testing.Platform (>= 1.6.2) - restriction: >= netstandard2.0
    Microsoft.Testing.Extensions.VSTestBridge (1.6.2) - version_in_path: true, restriction: || (>= net462) (>= netcoreapp3.1)
      Microsoft.Testing.Extensions.Telemetry (>= 1.6.2) - restriction: >= netstandard2.0
      Microsoft.Testing.Extensions.TrxReport.Abstractions (>= 1.6.2) - restriction: >= netstandard2.0
      Microsoft.Testing.Platform (>= 1.6.2) - restriction: >= netstandard2.0
      Microsoft.TestPlatform.ObjectModel (>= 17.13) - restriction: >= netstandard2.0
    Microsoft.Testing.Platform (1.6.2) - version_in_path: true, restriction: || (&& (>= net462) (>= netstandard2.0)) (>= netcoreapp3.1)
    Microsoft.Testing.Platform.MSBuild (1.6.2) - version_in_path: true, restriction: || (>= net462) (>= netcoreapp3.1)
      Microsoft.Testing.Platform (>= 1.6.2) - restriction: >= netstandard2.0
    Microsoft.TestPlatform.ObjectModel (17.13.0) - version_in_path: true, restriction: || (&& (>= net462) (>= netstandard2.0)) (>= netcoreapp3.1)
      System.Reflection.Metadata (>= 1.6) - restriction: || (>= net462) (>= netstandard2.0)
    Microsoft.TestPlatform.TestHost (17.13) - restriction: >= netcoreapp3.1
      Microsoft.TestPlatform.ObjectModel (>= 17.13) - restriction: >= netcoreapp3.1
      Newtonsoft.Json (>= 13.0.1) - restriction: >= netcoreapp3.1
    NETStandard.Library (2.0.3) - restriction: >= netcoreapp2.2
      Microsoft.NETCore.Platforms (>= 1.1) - restriction: || (&& (>= net45) (< netstandard1.3)) (&& (< net45) (>= netstandard1.1) (< netstandard1.2) (< win8)) (&& (< net45) (>= netstandard1.2) (< netstandard1.3) (< win8) (< wpa81)) (&& (< net45) (>= netstandard1.3) (< netstandard1.4) (< win8) (< wpa81)) (&& (< net45) (>= netstandard1.4) (< netstandard1.5) (< win8) (< wpa81)) (&& (< net45) (>= netstandard1.5) (< netstandard1.6) (< win8) (< wpa81)) (&& (< net45) (>= netstandard1.6) (< netstandard2.0) (< win8) (< wpa81)) (&& (< net45) (>= netstandard2.0)) (&& (>= net46) (< netstandard1.4)) (>= net461) (>= netcoreapp2.0) (&& (>= netstandard1.0) (< portable-net45+win8+wpa81)) (&& (< netstandard1.0) (>= portable-net45+win8) (< win8)) (&& (< netstandard1.0) (< portable-net45+win8) (>= portable-net45+win8+wpa81)) (&& (< netstandard1.0) (>= portable-net45+win8+wp8+wpa81) (< portable-net45+win8+wpa81)) (&& (< netstandard1.0) (>= win8)) (&& (< netstandard1.3) (< win8) (>= wpa81)) (&& (< netstandard1.5) (>= uap10.0)) (>= uap10.1) (>= wp8)
    Newtonsoft.Json (13.0.3) - restriction: >= netcoreapp3.1
    NUnit (4.3.2)
      System.Memory (>= 4.6) - restriction: >= net462
      System.Threading.Tasks.Extensions (>= 4.5.4) - restriction: >= net462
      System.ValueTuple (>= 4.5) - restriction: >= net462
    NUnit.Console (3.19.2)
      NUnit.ConsoleRunner (>= 3.19.2)
      NUnit.Extension.NUnitProjectLoader (>= 3.8)
      NUnit.Extension.NUnitV2Driver (>= 3.9)
      NUnit.Extension.NUnitV2ResultWriter (>= 3.8)
      NUnit.Extension.TeamCityEventListener (>= 1.0.7)
      NUnit.Extension.VSProjectLoader (>= 3.9)
    NUnit.ConsoleRunner (3.19.2)
    NUnit.Extension.NUnitProjectLoader (3.8)
    NUnit.Extension.NUnitV2Driver (3.9)
    NUnit.Extension.NUnitV2ResultWriter (3.8)
    NUnit.Extension.TeamCityEventListener (1.0.9)
    NUnit.Extension.VSProjectLoader (3.9)
    NUnit3TestAdapter (5.0.0) - version_in_path: true
      Microsoft.Testing.Extensions.VSTestBridge (>= 1.5.3) - restriction: || (>= net462) (>= netcoreapp3.1)
      Microsoft.Testing.Platform.MSBuild (>= 1.5.3) - restriction: || (>= net462) (>= netcoreapp3.1)
    System.Buffers (4.6) - restriction: >= net462
    System.Collections.Immutable (9.0.2) - version_in_path: true, restriction: || (&& (>= net462) (>= netstandard2.0)) (>= netcoreapp3.1)
      System.Memory (>= 4.5.5) - restriction: || (>= net462) (>= netstandard2.0)
      System.Runtime.CompilerServices.Unsafe (>= 6.0) - restriction: || (>= net462) (>= netstandard2.0)
    System.Diagnostics.DiagnosticSource (9.0.2) - version_in_path: true, restriction: || (&& (>= net462) (>= netstandard2.0)) (>= netcoreapp3.1)
      System.Memory (>= 4.5.5) - restriction: || (>= net462) (>= netstandard2.0)
      System.Runtime.CompilerServices.Unsafe (>= 6.0) - restriction: || (>= net462) (>= netstandard2.0)
    System.Memory (4.6) - restriction: || (>= net462) (>= netcoreapp3.1)
      System.Buffers (>= 4.6) - restriction: || (>= net462) (&& (< netcoreapp2.1) (>= netstandard2.0))
      System.Numerics.Vectors (>= 4.6) - restriction: || (>= net462) (&& (< netcoreapp2.1) (>= netstandard2.0))
      System.Runtime.CompilerServices.Unsafe (>= 6.1) - restriction: || (>= net462) (&& (< netcoreapp2.1) (>= netstandard2.0))
    System.Numerics.Vectors (4.6) - restriction: >= net462
    System.Reflection.Metadata (9.0.2) - version_in_path: true, restriction: || (&& (>= net462) (>= netstandard2.0)) (>= netcoreapp3.1)
      System.Collections.Immutable (>= 9.0.2) - restriction: || (>= net462) (>= netstandard2.0)
      System.Memory (>= 4.5.5) - restriction: || (>= net462) (>= netstandard2.0)
    System.Runtime.CompilerServices.Unsafe (6.1) - restriction: || (>= net462) (>= netcoreapp3.1)
    System.Threading.Tasks.Extensions (4.6) - restriction: >= net462
      System.Runtime.CompilerServices.Unsafe (>= 6.1) - restriction: || (>= net462) (&& (< netcoreapp2.1) (>= netstandard2.0))
    System.ValueTuple (4.5) - restriction: >= net462
